

GROUP Build
STORAGE: NONE
NUGET
  remote: https://api.nuget.org/v3/index.json
    BlackFox.VsWhere (1.1) - restriction: >= netstandard2.0
      FSharp.Core (>= 4.0.0.1) - restriction: >= net45
      FSharp.Core (>= 4.2.3) - restriction: && (< net45) (>= netstandard2.0)
      Microsoft.Win32.Registry (>= 4.7) - restriction: && (< net45) (>= netstandard2.0)
    Fake.Core.CommandLineParsing (6.1.3) - restriction: >= netstandard2.0
      FParsec (>= 1.1.1) - restriction: >= netstandard2.0
      FSharp.Core (>= 8.0.301) - restriction: >= netstandard2.0
    Fake.Core.Context (6.1.3) - restriction: >= netstandard2.0
      FSharp.Core (>= 8.0.301) - restriction: >= netstandard2.0
    Fake.Core.Environment (6.1.3) - restriction: >= netstandard2.0
      FSharp.Core (>= 8.0.301) - restriction: >= netstandard2.0
    Fake.Core.FakeVar (6.1.3) - restriction: >= netstandard2.0
      Fake.Core.Context (>= 6.1.3) - restriction: >= netstandard2.0
      FSharp.Core (>= 8.0.301) - restriction: >= netstandard2.0
    Fake.Core.Process (6.1.3) - restriction: >= netstandard2.0
      Fake.Core.Environment (>= 6.1.3) - restriction: >= netstandard2.0
      Fake.Core.FakeVar (>= 6.1.3) - restriction: >= netstandard2.0
      Fake.Core.String (>= 6.1.3) - restriction: >= netstandard2.0
      Fake.Core.Trace (>= 6.1.3) - restriction: >= netstandard2.0
      Fake.IO.FileSystem (>= 6.1.3) - restriction: >= netstandard2.0
      FSharp.Core (>= 8.0.301) - restriction: >= netstandard2.0
      System.Collections.Immutable (>= 8.0) - restriction: >= netstandard2.0
    Fake.Core.SemVer (6.1.3) - restriction: >= netstandard2.0
      FSharp.Core (>= 8.0.301) - restriction: >= netstandard2.0
    Fake.Core.String (6.1.3) - restriction: >= netstandard2.0
      FSharp.Core (>= 8.0.301) - restriction: >= netstandard2.0
    Fake.Core.Target (6.1.3)
      Fake.Core.CommandLineParsing (>= 6.1.3) - restriction: >= netstandard2.0
      Fake.Core.Context (>= 6.1.3) - restriction: >= netstandard2.0
      Fake.Core.Environment (>= 6.1.3) - restriction: >= netstandard2.0
      Fake.Core.FakeVar (>= 6.1.3) - restriction: >= netstandard2.0
      Fake.Core.Process (>= 6.1.3) - restriction: >= netstandard2.0
      Fake.Core.String (>= 6.1.3) - restriction: >= netstandard2.0
      Fake.Core.Trace (>= 6.1.3) - restriction: >= netstandard2.0
      FSharp.Control.Reactive (>= 5.0.2) - restriction: >= netstandard2.0
      FSharp.Core (>= 8.0.301) - restriction: >= netstandard2.0
    Fake.Core.Tasks (6.1.3) - restriction: >= netstandard2.0
      Fake.Core.Trace (>= 6.1.3) - restriction: >= netstandard2.0
      FSharp.Core (>= 8.0.301) - restriction: >= netstandard2.0
    Fake.Core.Trace (6.1.3) - restriction: >= netstandard2.0
      Fake.Core.Environment (>= 6.1.3) - restriction: >= netstandard2.0
      Fake.Core.FakeVar (>= 6.1.3) - restriction: >= netstandard2.0
      FSharp.Core (>= 8.0.301) - restriction: >= netstandard2.0
    Fake.Core.Xml (6.1.3) - restriction: >= netstandard2.0
      Fake.Core.String (>= 6.1.3) - restriction: >= netstandard2.0
      FSharp.Core (>= 8.0.301) - restriction: >= netstandard2.0
    Fake.DotNet.Cli (6.1.3) - restriction: >= netstandard2.0
      Fake.Core.Environment (>= 6.1.3) - restriction: >= netstandard2.0
      Fake.Core.Process (>= 6.1.3) - restriction: >= netstandard2.0
      Fake.Core.String (>= 6.1.3) - restriction: >= netstandard2.0
      Fake.Core.Trace (>= 6.1.3) - restriction: >= netstandard2.0
      Fake.DotNet.MSBuild (>= 6.1.3) - restriction: >= netstandard2.0
      Fake.DotNet.NuGet (>= 6.1.3) - restriction: >= netstandard2.0
      Fake.IO.FileSystem (>= 6.1.3) - restriction: >= netstandard2.0
      FSharp.Core (>= 8.0.301) - restriction: >= netstandard2.0
      Mono.Posix.NETStandard (>= 1.0) - restriction: >= netstandard2.0
      Newtonsoft.Json (>= 13.0.3) - restriction: >= netstandard2.0
    Fake.DotNet.MSBuild (6.1.3) - restriction: >= netstandard2.0
      BlackFox.VsWhere (>= 1.1) - restriction: >= netstandard2.0
      Fake.Core.Environment (>= 6.1.3) - restriction: >= netstandard2.0
      Fake.Core.Process (>= 6.1.3) - restriction: >= netstandard2.0
      Fake.Core.String (>= 6.1.3) - restriction: >= netstandard2.0
      Fake.Core.Trace (>= 6.1.3) - restriction: >= netstandard2.0
      Fake.IO.FileSystem (>= 6.1.3) - restriction: >= netstandard2.0
      FSharp.Core (>= 8.0.301) - restriction: >= netstandard2.0
      MSBuild.StructuredLogger (>= 2.1.815) - restriction: >= netstandard2.0
    Fake.DotNet.NuGet (6.1.3) - restriction: >= netstandard2.0
      Fake.Core.Environment (>= 6.1.3) - restriction: >= netstandard2.0
      Fake.Core.Process (>= 6.1.3) - restriction: >= netstandard2.0
      Fake.Core.SemVer (>= 6.1.3) - restriction: >= netstandard2.0
      Fake.Core.String (>= 6.1.3) - restriction: >= netstandard2.0
      Fake.Core.Tasks (>= 6.1.3) - restriction: >= netstandard2.0
      Fake.Core.Trace (>= 6.1.3) - restriction: >= netstandard2.0
      Fake.Core.Xml (>= 6.1.3) - restriction: >= netstandard2.0
      Fake.IO.FileSystem (>= 6.1.3) - restriction: >= netstandard2.0
      Fake.Net.Http (>= 6.1.3) - restriction: >= netstandard2.0
      FSharp.Core (>= 8.0.301) - restriction: >= netstandard2.0
      Newtonsoft.Json (>= 13.0.3) - restriction: >= netstandard2.0
      NuGet.Protocol (>= 6.10.1) - restriction: >= netstandard2.0
    Fake.DotNet.Paket (6.1.3)
      Fake.Core.Process (>= 6.1.3) - restriction: >= netstandard2.0
      Fake.Core.String (>= 6.1.3) - restriction: >= netstandard2.0
      Fake.Core.Trace (>= 6.1.3) - restriction: >= netstandard2.0
      Fake.DotNet.Cli (>= 6.1.3) - restriction: >= netstandard2.0
      Fake.IO.FileSystem (>= 6.1.3) - restriction: >= netstandard2.0
      FSharp.Core (>= 8.0.301) - restriction: >= netstandard2.0
    Fake.IO.FileSystem (6.1.3) - restriction: >= netstandard2.0
      Fake.Core.String (>= 6.1.3) - restriction: >= netstandard2.0
      Fake.Core.Trace (>= 6.1.3) - restriction: >= netstandard2.0
      FSharp.Core (>= 8.0.301) - restriction: >= netstandard2.0
    Fake.Net.Http (6.1.3) - restriction: >= netstandard2.0
      Fake.Core.Trace (>= 6.1.3) - restriction: >= netstandard2.0
      FSharp.Core (>= 8.0.301) - restriction: >= netstandard2.0
    Fake.Tools.Git (6.1.3)
      Fake.Core.Environment (>= 6.1.3) - restriction: >= netstandard2.0
      Fake.Core.Process (>= 6.1.3) - restriction: >= netstandard2.0
      Fake.Core.SemVer (>= 6.1.3) - restriction: >= netstandard2.0
      Fake.Core.String (>= 6.1.3) - restriction: >= netstandard2.0
      Fake.Core.Trace (>= 6.1.3) - restriction: >= netstandard2.0
      Fake.IO.FileSystem (>= 6.1.3) - restriction: >= netstandard2.0
      FSharp.Core (>= 8.0.301) - restriction: >= netstandard2.0
    Fake.Tools.GitVersion (6.1.3)
      Fake.Core.Environment (>= 6.1.3) - restriction: >= netstandard2.0
      Fake.Core.Process (>= 6.1.3) - restriction: >= netstandard2.0
      Fake.DotNet.Cli (>= 6.1.3) - restriction: >= netstandard2.0
      Fake.IO.FileSystem (>= 6.1.3) - restriction: >= netstandard2.0
      FSharp.Core (>= 8.0.301) - restriction: >= netstandard2.0
      Newtonsoft.Json (>= 13.0.3) - restriction: >= netstandard2.0
    FParsec (1.1.1) - restriction: >= netstandard2.0
      FSharp.Core (>= 4.3.4) - restriction: || (>= net45) (>= netstandard2.0)
      System.ValueTuple (>= 4.4) - restriction: >= net45
    FSharp.Control.Reactive (6.1.2) - restriction: >= netstandard2.0
      FSharp.Core (>= 6.0.7) - restriction: >= netstandard2.0
      System.Reactive (>= 6.0.1) - restriction: >= netstandard2.0
    FSharp.Core (9.0.300) - restriction: >= netstandard2.0
    Microsoft.Bcl.AsyncInterfaces (9.0.6) - restriction: || (&& (>= net462) (>= netstandard2.0)) (>= net472) (&& (< net8.0) (>= netstandard2.0))
      System.Threading.Tasks.Extensions (>= 4.5.4) - restriction: || (>= net462) (&& (>= netstandard2.0) (< netstandard2.1))
    Microsoft.Bcl.Cryptography (9.0.6) - restriction: || (&& (>= net462) (< net472) (>= netstandard2.0)) (&& (>= net462) (>= net8.0)) (&& (< net472) (>= netstandard2.0) (< netstandard2.1)) (&& (>= net8.0) (< net9.0)) (&& (>= net8.0) (< netstandard2.1)) (&& (< net8.0) (>= netstandard2.1))
      System.Formats.Asn1 (>= 9.0.6) - restriction: || (>= net462) (&& (>= net8.0) (< net9.0)) (&& (< net8.0) (>= netstandard2.0))
      System.Memory (>= 4.5.5) - restriction: || (>= net462) (&& (< net8.0) (>= netstandard2.0))
      System.Runtime.CompilerServices.Unsafe (>= 6.0) - restriction: || (>= net462) (&& (< net8.0) (>= netstandard2.0))
    Microsoft.Build.Framework (17.14.8) - restriction: >= netstandard2.0
      Microsoft.Win32.Registry (>= 5.0) - restriction: && (< net472) (< net9.0) (>= netstandard2.0)
      System.Diagnostics.DiagnosticSource (>= 9.0) - restriction: || (>= net472) (&& (< net9.0) (>= netstandard2.0))
      System.Memory (>= 4.6) - restriction: || (>= net472) (&& (< net9.0) (>= netstandard2.0))
      System.Runtime.CompilerServices.Unsafe (>= 6.1) - restriction: || (>= net472) (&& (< net9.0) (>= netstandard2.0))
      System.Security.Principal.Windows (>= 5.0) - restriction: && (< net472) (< net9.0) (>= netstandard2.0)
      System.Text.Json (>= 9.0) - restriction: >= net472
      System.Threading.Tasks.Extensions (>= 4.6) - restriction: >= net472
    Microsoft.Build.Utilities.Core (17.14.8) - restriction: >= netstandard2.0
      Microsoft.Build.Framework (>= 17.14.8) - restriction: >= netstandard2.0
      Microsoft.IO.Redist (>= 6.1) - restriction: >= net472
      Microsoft.NET.StringTools (>= 17.14.8) - restriction: >= netstandard2.0
      Microsoft.Win32.Registry (>= 5.0) - restriction: && (< net472) (< net9.0) (>= netstandard2.0)
      System.Collections.Immutable (>= 9.0) - restriction: >= netstandard2.0
      System.Configuration.ConfigurationManager (>= 9.0) - restriction: >= netstandard2.0
      System.Diagnostics.DiagnosticSource (>= 9.0) - restriction: || (>= net472) (&& (< net9.0) (>= netstandard2.0))
      System.Diagnostics.EventLog (>= 9.0) - restriction: >= net9.0
      System.Memory (>= 4.6) - restriction: || (>= net472) (&& (< net9.0) (>= netstandard2.0))
      System.Runtime.CompilerServices.Unsafe (>= 6.1) - restriction: || (>= net472) (&& (< net9.0) (>= netstandard2.0))
      System.Security.Cryptography.ProtectedData (>= 9.0) - restriction: || (&& (< net472) (>= netstandard2.0)) (>= net9.0)
      System.Security.Principal.Windows (>= 5.0) - restriction: && (< net472) (< net9.0) (>= netstandard2.0)
      System.Text.Encoding.CodePages (>= 9.0) - restriction: && (< net472) (< net9.0) (>= netstandard2.0)
      System.Text.Json (>= 9.0) - restriction: >= net472
      System.Threading.Tasks.Extensions (>= 4.6) - restriction: >= net472
    Microsoft.IO.Redist (6.1.3) - restriction: >= net472
      System.Buffers (>= 4.6.1) - restriction: >= net472
      System.Memory (>= 4.6.3) - restriction: >= net472
    Microsoft.NET.StringTools (17.14.8) - restriction: >= netstandard2.0
      System.Memory (>= 4.6) - restriction: || (>= net472) (&& (< net9.0) (>= netstandard2.0))
      System.Runtime.CompilerServices.Unsafe (>= 6.1) - restriction: || (>= net472) (&& (< net9.0) (>= netstandard2.0))
    Microsoft.NETCore.Platforms (7.0.4) - restriction: || (&& (< monoandroid) (>= net8.0) (< netcoreapp2.1) (< netstandard2.1) (< xamarintvos) (< xamarinwatchos)) (&& (>= netcoreapp2.0) (< netcoreapp2.1)) (&& (>= netcoreapp2.1) (< netcoreapp3.0))
    Microsoft.Win32.Registry (5.0) - restriction: || (&& (< net45) (>= netstandard2.0)) (&& (< net472) (< net9.0) (>= netstandard2.0))
      System.Buffers (>= 4.5.1) - restriction: || (&& (>= monoandroid) (< netstandard1.3)) (>= monotouch) (&& (< net46) (< netcoreapp2.0) (>= netstandard2.0)) (>= xamarinios) (>= xamarinmac) (>= xamarintvos) (>= xamarinwatchos)
      System.Memory (>= 4.5.4) - restriction: || (&& (< monoandroid) (>= netcoreapp2.0) (< netcoreapp2.1) (< xamarinios) (< xamarinmac) (< xamarintvos) (< xamarinwatchos)) (&& (< net46) (< netcoreapp2.0) (>= netstandard2.0) (< xamarinios) (< xamarinmac) (< xamarintvos) (< xamarinwatchos)) (>= uap10.1)
      System.Security.AccessControl (>= 5.0) - restriction: || (&& (>= monoandroid) (< netstandard1.3)) (&& (< monoandroid) (>= netcoreapp2.0)) (>= monotouch) (&& (< net46) (< netcoreapp2.0) (>= netstandard2.0)) (>= net461) (>= netcoreapp2.1) (>= uap10.1) (>= xamarinios) (>= xamarinmac) (>= xamarintvos) (>= xamarinwatchos)
      System.Security.Principal.Windows (>= 5.0) - restriction: || (&& (>= monoandroid) (< netstandard1.3)) (&& (< monoandroid) (>= netcoreapp2.0)) (>= monotouch) (&& (< net46) (< netcoreapp2.0) (>= netstandard2.0)) (>= net461) (>= netcoreapp2.1) (>= uap10.1) (>= xamarinios) (>= xamarinmac) (>= xamarintvos) (>= xamarinwatchos)
    Mono.Posix.NETStandard (1.0) - restriction: >= netstandard2.0
    MSBuild.StructuredLogger (2.2.472) - restriction: >= netstandard2.0
      Microsoft.Build.Framework (>= 17.5) - restriction: >= netstandard2.0
      Microsoft.Build.Utilities.Core (>= 17.5) - restriction: >= netstandard2.0
      System.Collections.Immutable (>= 8.0) - restriction: >= netstandard2.0
      System.Memory (>= 4.6) - restriction: && (< net8.0) (>= netstandard2.0)
      System.Runtime.CompilerServices.Unsafe (>= 6.1) - restriction: && (< net8.0) (>= netstandard2.0)
    Newtonsoft.Json (13.0.3) - restriction: >= netstandard2.0
    NuGet.Common (6.14) - restriction: >= netstandard2.0
      NuGet.Frameworks (>= 6.14) - restriction: >= netstandard2.0
      System.Collections.Immutable (>= 8.0) - restriction: >= netstandard2.0
    NuGet.Configuration (6.14) - restriction: >= netstandard2.0
      NuGet.Common (>= 6.14) - restriction: >= netstandard2.0
      System.Security.Cryptography.ProtectedData (>= 4.4) - restriction: && (< net472) (>= netstandard2.0)
    NuGet.Frameworks (6.14) - restriction: >= netstandard2.0
    NuGet.Packaging (6.14) - restriction: >= netstandard2.0
      Newtonsoft.Json (>= 13.0.3) - restriction: >= netstandard2.0
      NuGet.Configuration (>= 6.14) - restriction: >= netstandard2.0
      NuGet.Versioning (>= 6.14) - restriction: >= netstandard2.0
      System.Formats.Asn1 (>= 8.0.1) - restriction: && (< net472) (< net8.0) (>= netstandard2.0)
      System.Memory (>= 4.5.5) - restriction: >= net472
      System.Security.Cryptography.Pkcs (>= 6.0.4) - restriction: || (&& (< net472) (>= netstandard2.0)) (>= net8.0)
      System.Text.Json (>= 8.0.5) - restriction: || (>= net472) (&& (< net8.0) (>= netstandard2.0))
    NuGet.Protocol (6.14) - restriction: >= netstandard2.0
      NuGet.Packaging (>= 6.14) - restriction: >= netstandard2.0
      System.Text.Json (>= 8.0.5) - restriction: || (>= net472) (&& (< net8.0) (>= netstandard2.0))
    NuGet.Versioning (6.14) - restriction: >= netstandard2.0
    System.Buffers (4.6.1) - restriction: || (&& (>= monoandroid) (< netstandard1.3) (>= netstandard2.0)) (&& (>= monotouch) (>= netstandard2.0)) (&& (< net45) (< netcoreapp2.0) (>= netstandard2.0)) (&& (>= net462) (>= netstandard2.0)) (&& (< net462) (>= netstandard2.0) (< netstandard2.1)) (>= net472) (&& (>= net8.0) (< netstandard2.1)) (&& (< net8.0) (>= netstandard2.0)) (&& (< netcoreapp2.1) (>= netstandard2.0) (< netstandard2.1)) (&& (>= netstandard2.0) (>= xamarintvos)) (&& (>= netstandard2.0) (>= xamarinwatchos)) (>= xamarinios) (>= xamarinmac)
    System.Collections.Immutable (9.0.6) - restriction: >= netstandard2.0
      System.Memory (>= 4.5.5) - restriction: || (>= net462) (&& (< net8.0) (>= netstandard2.0))
      System.Runtime.CompilerServices.Unsafe (>= 6.0) - restriction: || (>= net462) (&& (< net8.0) (>= netstandard2.0))
    System.Configuration.ConfigurationManager (9.0.6) - restriction: >= netstandard2.0
      System.Diagnostics.EventLog (>= 9.0.6) - restriction: >= net8.0
      System.Security.Cryptography.ProtectedData (>= 9.0.6) - restriction: || (&& (< net462) (>= netstandard2.0)) (>= net8.0)
    System.Diagnostics.DiagnosticSource (9.0.6) - restriction: || (>= net472) (&& (< net9.0) (>= netstandard2.0))
      System.Memory (>= 4.5.5) - restriction: || (>= net462) (&& (< net8.0) (>= netstandard2.0))
      System.Runtime.CompilerServices.Unsafe (>= 6.0) - restriction: || (>= net462) (&& (< net8.0) (>= netstandard2.0))
    System.Diagnostics.EventLog (9.0.6) - restriction: >= net8.0
    System.Formats.Asn1 (9.0.6) - restriction: || (&& (>= net462) (< net472) (>= netstandard2.0)) (&& (>= net462) (>= net8.0)) (&& (>= net462) (>= netstandard2.1)) (&& (< net462) (>= netstandard2.0) (< netstandard2.1)) (&& (< net472) (< net8.0) (>= netstandard2.0)) (&& (< net472) (>= netstandard2.0) (< netstandard2.1)) (&& (>= net8.0) (< net9.0)) (&& (>= net8.0) (< netstandard2.1)) (&& (< net8.0) (>= netcoreapp3.0) (< xamarinios) (< xamarinmac) (< xamarintvos) (< xamarinwatchos)) (&& (< net8.0) (>= netstandard2.1)) (&& (>= netcoreapp3.0) (< netstandard2.1) (< xamarintvos) (< xamarinwatchos))
      System.Buffers (>= 4.5.1) - restriction: || (>= net462) (&& (< net8.0) (>= netstandard2.0))
      System.Memory (>= 4.5.5) - restriction: || (>= net462) (&& (< net8.0) (>= netstandard2.0))
      System.ValueTuple (>= 4.5) - restriction: >= net462
    System.IO.Pipelines (9.0.6) - restriction: || (&& (>= net462) (>= netstandard2.0)) (>= net472) (&& (< net8.0) (>= netstandard2.0))
      System.Buffers (>= 4.5.1) - restriction: || (>= net462) (&& (< net8.0) (>= netstandard2.0))
      System.Memory (>= 4.5.5) - restriction: || (>= net462) (&& (< net8.0) (>= netstandard2.0))
      System.Threading.Tasks.Extensions (>= 4.5.4) - restriction: || (>= net462) (&& (< net8.0) (>= netstandard2.0))
    System.Memory (4.6.3) - restriction: || (&& (< monoandroid) (>= netcoreapp2.0) (< netcoreapp2.1) (< xamarinios) (< xamarinmac) (< xamarintvos) (< xamarinwatchos)) (&& (< net45) (< netcoreapp2.0) (>= netstandard2.0) (< xamarinios) (< xamarinmac) (< xamarintvos) (< xamarinwatchos)) (&& (>= net462) (>= netstandard2.0)) (&& (< net462) (>= netstandard2.0) (< netstandard2.1)) (>= net472) (&& (>= net8.0) (< netstandard2.1)) (&& (< net8.0) (>= net9.0)) (&& (< net8.0) (>= netstandard2.0)) (&& (< net9.0) (>= netstandard2.0)) (&& (>= netstandard2.0) (>= uap10.1))
      System.Buffers (>= 4.6.1) - restriction: || (>= net462) (&& (< netcoreapp2.1) (>= netstandard2.0) (< netstandard2.1))
      System.Numerics.Vectors (>= 4.6.1) - restriction: || (>= net462) (&& (< netcoreapp2.1) (>= netstandard2.0) (< netstandard2.1))
      System.Runtime.CompilerServices.Unsafe (>= 6.1.2) - restriction: || (>= net462) (&& (< netcoreapp2.1) (>= netstandard2.0) (< netstandard2.1))
    System.Numerics.Vectors (4.6.1) - restriction: || (&& (>= net462) (>= netstandard2.0)) (&& (< netcoreapp2.1) (>= netstandard2.0) (< netstandard2.1))
    System.Reactive (6.0.1) - restriction: >= netstandard2.0
      System.Threading.Tasks.Extensions (>= 4.5.4) - restriction: || (>= net472) (&& (< net6.0) (>= netstandard2.0)) (>= uap10.1)
    System.Runtime.CompilerServices.Unsafe (6.1.2) - restriction: || (&& (>= net462) (>= netstandard2.0)) (&& (< net462) (>= netstandard2.0) (< netstandard2.1)) (>= net472) (&& (>= net8.0) (< netstandard2.1)) (&& (< net8.0) (>= netstandard2.0)) (&& (< net8.0) (>= netstandard2.1)) (&& (< net9.0) (>= netstandard2.0)) (&& (< netcoreapp2.1) (>= netstandard2.0) (< netstandard2.1))
    System.Security.AccessControl (6.0.1) - restriction: || (&& (>= monoandroid) (< netstandard1.3) (>= netstandard2.0)) (&& (< monoandroid) (>= netcoreapp2.0)) (&& (>= monotouch) (>= netstandard2.0)) (&& (< net45) (>= net461) (>= netstandard2.0)) (&& (< net45) (< netcoreapp2.0) (>= netstandard2.0)) (>= netcoreapp2.1) (&& (>= netstandard2.0) (>= uap10.1)) (&& (>= netstandard2.0) (>= xamarintvos)) (&& (>= netstandard2.0) (>= xamarinwatchos)) (>= xamarinios) (>= xamarinmac)
      System.Security.Principal.Windows (>= 5.0) - restriction: || (>= net461) (&& (< net6.0) (>= netstandard2.0))
    System.Security.Cryptography.Cng (5.0) - restriction: || (&& (< net462) (>= netstandard2.0) (< netstandard2.1)) (&& (>= net8.0) (< netstandard2.1)) (&& (< net8.0) (>= netstandard2.1))
      Microsoft.NETCore.Platforms (>= 5.0) - restriction: && (< monoandroid) (>= netcoreapp2.0) (< netcoreapp2.1) (< netstandard2.1) (< xamarintvos) (< xamarinwatchos)
      System.Formats.Asn1 (>= 5.0) - restriction: && (>= netcoreapp3.0) (< xamarinios) (< xamarinmac) (< xamarintvos) (< xamarinwatchos)
    System.Security.Cryptography.Pkcs (9.0.6) - restriction: || (&& (< net472) (>= netstandard2.0)) (>= net8.0)
      Microsoft.Bcl.Cryptography (>= 9.0.6) - restriction: || (>= net462) (&& (>= net8.0) (< net9.0)) (&& (< net8.0) (>= netstandard2.1)) (&& (>= netstandard2.0) (< netstandard2.1))
      System.Buffers (>= 4.5.1) - restriction: && (< net462) (>= netstandard2.0) (< netstandard2.1)
      System.Formats.Asn1 (>= 9.0.6) - restriction: || (&& (< net462) (>= netstandard2.0) (< netstandard2.1)) (&& (>= net8.0) (< net9.0)) (&& (< net8.0) (>= netstandard2.1))
      System.Memory (>= 4.5.5) - restriction: && (< net462) (>= netstandard2.0) (< netstandard2.1)
      System.Runtime.CompilerServices.Unsafe (>= 6.0) - restriction: || (&& (< net462) (>= netstandard2.0) (< netstandard2.1)) (&& (< net8.0) (>= netstandard2.1))
      System.Security.Cryptography.Cng (>= 5.0) - restriction: || (&& (< net462) (>= netstandard2.0) (< netstandard2.1)) (&& (< net8.0) (>= netstandard2.1))
    System.Security.Cryptography.ProtectedData (9.0.6) - restriction: || (&& (< net462) (>= netstandard2.0)) (&& (< net472) (>= netstandard2.0)) (>= net8.0)
      System.Memory (>= 4.5.5) - restriction: && (< net462) (< net8.0) (>= netstandard2.0)
    System.Security.Principal.Windows (5.0) - restriction: || (&& (>= monoandroid) (< netstandard1.3) (>= netstandard2.0)) (&& (< monoandroid) (>= netcoreapp2.0)) (&& (>= monotouch) (>= netstandard2.0)) (&& (< net45) (>= net461) (>= netstandard2.0)) (&& (< net45) (< netcoreapp2.0) (>= netstandard2.0)) (&& (>= net461) (>= netcoreapp2.0)) (&& (< net472) (< net9.0) (>= netstandard2.0)) (>= netcoreapp2.1) (&& (>= netstandard2.0) (>= uap10.1)) (&& (>= netstandard2.0) (>= xamarintvos)) (&& (>= netstandard2.0) (>= xamarinwatchos)) (>= xamarinios) (>= xamarinmac)
      Microsoft.NETCore.Platforms (>= 5.0) - restriction: || (&& (>= netcoreapp2.0) (< netcoreapp2.1)) (&& (>= netcoreapp2.1) (< netcoreapp3.0))
    System.Text.Encoding.CodePages (9.0.6) - restriction: && (< net472) (< net9.0) (>= netstandard2.0)
      System.Memory (>= 4.5.5) - restriction: || (>= net462) (&& (< net8.0) (>= netstandard2.0))
      System.Runtime.CompilerServices.Unsafe (>= 6.0) - restriction: || (>= net462) (&& (< net8.0) (>= netstandard2.0))
    System.Text.Encodings.Web (9.0.6) - restriction: || (&& (>= net462) (>= netstandard2.0)) (>= net472) (&& (< net8.0) (>= netstandard2.0))
      System.Buffers (>= 4.5.1) - restriction: || (>= net462) (&& (< net8.0) (>= netstandard2.0))
      System.Memory (>= 4.5.5) - restriction: || (>= net462) (&& (< net8.0) (>= netstandard2.0))
      System.Runtime.CompilerServices.Unsafe (>= 6.0) - restriction: || (>= net462) (&& (< net8.0) (>= netstandard2.0))
    System.Text.Json (9.0.6) - restriction: || (>= net472) (&& (< net8.0) (>= netstandard2.0))
      Microsoft.Bcl.AsyncInterfaces (>= 9.0.6) - restriction: || (>= net462) (&& (< net8.0) (>= netstandard2.0))
      System.Buffers (>= 4.5.1) - restriction: || (>= net462) (&& (< net8.0) (>= netstandard2.0))
      System.IO.Pipelines (>= 9.0.6) - restriction: || (>= net462) (&& (>= net8.0) (< net9.0)) (&& (< net8.0) (>= netstandard2.0))
      System.Memory (>= 4.5.5) - restriction: || (>= net462) (&& (< net8.0) (>= netstandard2.0))
      System.Runtime.CompilerServices.Unsafe (>= 6.0) - restriction: || (>= net462) (&& (< net8.0) (>= netstandard2.0))
      System.Text.Encodings.Web (>= 9.0.6) - restriction: || (>= net462) (&& (>= net8.0) (< net9.0)) (&& (< net8.0) (>= netstandard2.0))
      System.Threading.Tasks.Extensions (>= 4.5.4) - restriction: || (>= net462) (&& (< net8.0) (>= netstandard2.0))
      System.ValueTuple (>= 4.5) - restriction: >= net462
    System.Threading.Tasks.Extensions (4.6.3) - restriction: || (&& (>= net462) (>= netstandard2.0)) (>= net472) (&& (< net6.0) (>= netstandard2.0)) (&& (< net8.0) (>= netstandard2.0)) (&& (>= netstandard2.0) (< netstandard2.1)) (&& (>= netstandard2.0) (>= uap10.1))
      System.Runtime.CompilerServices.Unsafe (>= 6.1.2) - restriction: || (>= net462) (&& (< netcoreapp2.1) (>= netstandard2.0) (< netstandard2.1))
    System.ValueTuple (4.6.1) - restriction: || (&& (>= net45) (>= netstandard2.0)) (&& (>= net462) (>= netstandard2.0)) (>= net472)

GROUP FSharpLib
STORAGE: NONE
NUGET
  remote: https://api.nuget.org/v3/index.json
    CsvHelper (33.1)
      Microsoft.Bcl.AsyncInterfaces (>= 8.0) - restriction: || (&& (>= net462) (< netstandard2.0)) (&& (< net462) (>= netstandard2.0) (< netstandard2.1)) (>= net47)
      Microsoft.Bcl.HashCode (>= 1.1.1) - restriction: || (&& (>= net462) (< netstandard2.0)) (&& (< net462) (>= netstandard2.0) (< netstandard2.1)) (>= net47)
      Microsoft.CSharp (>= 4.7) - restriction: || (&& (>= net462) (< netstandard2.0)) (&& (< net462) (>= netstandard2.0) (< netstandard2.1)) (>= net47) (&& (< net8.0) (>= netstandard2.1))
      System.Memory (>= 4.5) - restriction: || (&& (>= net462) (< netstandard2.0)) (&& (< net462) (>= netstandard2.0) (< netstandard2.1)) (>= net47)
    Fargo.CmdLine (1.3.3)
      FSharp.Core (>= 6.0) - restriction: >= netstandard2.0
    FParsec (1.1.1)
      FSharp.Core (>= 4.3.4) - restriction: || (>= net45) (>= netstandard2.0)
      System.ValueTuple (>= 4.4) - restriction: >= net45
    FSharp.Core (9.0.300)
    Microsoft.Bcl.AsyncInterfaces (9.0.6) - restriction: || (&& (>= net462) (< netstandard2.0)) (&& (< net462) (>= netstandard2.0) (< netstandard2.1)) (>= net47)
      System.Threading.Tasks.Extensions (>= 4.5.4) - restriction: || (>= net462) (&& (>= netstandard2.0) (< netstandard2.1))
    Microsoft.Bcl.HashCode (6.0) - restriction: || (&& (>= net462) (< netstandard2.0)) (&& (< net462) (>= netstandard2.0) (< netstandard2.1)) (>= net47)
    Microsoft.Build.Tasks.Git (8.0)
    Microsoft.CSharp (4.7) - restriction: || (&& (>= net462) (< netstandard2.0)) (&& (< net462) (>= netstandard2.0) (< netstandard2.1)) (>= net47) (&& (< net8.0) (>= netstandard2.1))
    Microsoft.SourceLink.Common (8.0)
    Microsoft.SourceLink.GitHub (8.0)
      Microsoft.Build.Tasks.Git (>= 8.0)
      Microsoft.SourceLink.Common (>= 8.0)
    Spectre.Console (0.50)
      System.Memory (>= 4.6.3) - restriction: >= netstandard2.0
    System.Buffers (4.6.1) - restriction: || (&& (>= net462) (>= netstandard2.0)) (&& (< netcoreapp2.1) (>= netstandard2.0) (< netstandard2.1))
    System.Memory (4.6.3) - restriction: || (>= net462) (>= netstandard2.0)
      System.Buffers (>= 4.6.1) - restriction: || (>= net462) (&& (< netcoreapp2.1) (>= netstandard2.0) (< netstandard2.1))
      System.Numerics.Vectors (>= 4.6.1) - restriction: || (>= net462) (&& (< netcoreapp2.1) (>= netstandard2.0) (< netstandard2.1))
      System.Runtime.CompilerServices.Unsafe (>= 6.1.2) - restriction: || (>= net462) (&& (< netcoreapp2.1) (>= netstandard2.0) (< netstandard2.1))
    System.Numerics.Vectors (4.6.1) - restriction: || (&& (>= net462) (>= netstandard2.0)) (&& (< netcoreapp2.1) (>= netstandard2.0) (< netstandard2.1))
    System.Runtime.CompilerServices.Unsafe (6.1.2) - restriction: || (&& (>= net462) (>= netstandard2.0)) (&& (>= net462) (< netstandard2.0)) (>= net47) (&& (< netcoreapp2.1) (>= netstandard2.0) (< netstandard2.1))
    System.Threading.Tasks.Extensions (4.6.3) - restriction: || (&& (>= net462) (< netstandard2.0)) (&& (< net462) (>= netstandard2.0) (< netstandard2.1)) (>= net47)
      System.Runtime.CompilerServices.Unsafe (>= 6.1.2) - restriction: || (>= net462) (&& (< netcoreapp2.1) (>= netstandard2.0) (< netstandard2.1))
    System.ValueTuple (4.6.1) - restriction: >= net45

GROUP Tests
STORAGE: NONE
NUGET
  remote: https://api.nuget.org/v3/index.json
    coverlet.collector (6.0.4)
    FSharp.Core (9.0.300)
    Microsoft.ApplicationInsights (2.23) - restriction: || (&& (>= net462) (>= netstandard2.0)) (>= netcoreapp3.1)
      System.Diagnostics.DiagnosticSource (>= 5.0) - restriction: || (&& (>= net452) (< netstandard2.0)) (&& (< net452) (>= netstandard2.0)) (>= net46)
    Microsoft.CodeCoverage (17.14.1) - restriction: || (>= net462) (>= net8.0)
    Microsoft.NET.Test.Sdk (17.14.1)
      Microsoft.CodeCoverage (>= 17.14.1) - restriction: || (>= net462) (>= net8.0)
      Microsoft.TestPlatform.TestHost (>= 17.14.1) - restriction: >= net8.0
    Microsoft.Testing.Extensions.Telemetry (1.7.2) - restriction: || (&& (>= net462) (>= netstandard2.0)) (>= netcoreapp3.1)
      Microsoft.ApplicationInsights (>= 2.23) - restriction: >= netstandard2.0
      Microsoft.Testing.Platform (>= 1.7.2) - restriction: >= netstandard2.0
    Microsoft.Testing.Extensions.TrxReport.Abstractions (1.7.2) - restriction: || (&& (>= net462) (>= netstandard2.0)) (>= netcoreapp3.1)
      Microsoft.Testing.Platform (>= 1.7.2) - restriction: >= netstandard2.0
    Microsoft.Testing.Extensions.VSTestBridge (1.7.2) - restriction: || (>= net462) (>= netcoreapp3.1)
      Microsoft.Testing.Extensions.Telemetry (>= 1.7.2) - restriction: >= netstandard2.0
      Microsoft.Testing.Extensions.TrxReport.Abstractions (>= 1.7.2) - restriction: >= netstandard2.0
      Microsoft.Testing.Platform (>= 1.7.2) - restriction: >= netstandard2.0
      Microsoft.TestPlatform.AdapterUtilities (>= 17.13) - restriction: >= netstandard2.0
      Microsoft.TestPlatform.ObjectModel (>= 17.13) - restriction: >= netstandard2.0
    Microsoft.Testing.Platform (1.7.2) - restriction: || (&& (>= net462) (>= netstandard2.0)) (>= netcoreapp3.1)
    Microsoft.Testing.Platform.MSBuild (1.7.2) - restriction: || (>= net462) (>= netcoreapp3.1)
      Microsoft.Testing.Platform (>= 1.7.2) - restriction: >= netstandard2.0
    Microsoft.TestPlatform.AdapterUtilities (17.14.1) - restriction: || (&& (>= net462) (>= netstandard2.0)) (>= netcoreapp3.1)
    Microsoft.TestPlatform.ObjectModel (17.14.1) - restriction: || (&& (>= net462) (>= netstandard2.0)) (>= netcoreapp3.1)
      System.Reflection.Metadata (>= 8.0) - restriction: || (>= net462) (>= netstandard2.0)
    Microsoft.TestPlatform.TestHost (17.14.1) - restriction: >= net8.0
      Microsoft.TestPlatform.ObjectModel (>= 17.14.1) - restriction: >= net8.0
      Newtonsoft.Json (>= 13.0.3) - restriction: >= net8.0
    Newtonsoft.Json (13.0.3) - restriction: >= net8.0
    NUnit (4.3.2)
      System.Memory (>= 4.6) - restriction: >= net462
      System.Threading.Tasks.Extensions (>= 4.5.4) - restriction: >= net462
      System.ValueTuple (>= 4.5) - restriction: >= net462
    NUnit.Analyzers (4.8.1)
    NUnit3TestAdapter (5.0)
      Microsoft.Testing.Extensions.VSTestBridge (>= 1.5.3) - restriction: || (>= net462) (>= netcoreapp3.1)
      Microsoft.Testing.Platform.MSBuild (>= 1.5.3) - restriction: || (>= net462) (>= netcoreapp3.1)
    System.Buffers (4.6.1) - restriction: >= net462
    System.Collections.Immutable (9.0.6) - restriction: || (&& (>= net462) (>= net8.0)) (&& (>= net8.0) (< net9.0))
    System.Diagnostics.DiagnosticSource (9.0.6) - restriction: || (&& (>= net462) (>= netstandard2.0)) (>= netcoreapp3.1)
      System.Memory (>= 4.5.5) - restriction: || (>= net462) (&& (< net8.0) (>= netstandard2.0))
      System.Runtime.CompilerServices.Unsafe (>= 6.0) - restriction: || (>= net462) (&& (< net8.0) (>= netstandard2.0))
    System.Memory (4.6.3) - restriction: || (>= net462) (&& (< net8.0) (>= netcoreapp3.1))
      System.Buffers (>= 4.6.1) - restriction: || (>= net462) (&& (< netcoreapp2.1) (>= netstandard2.0) (< netstandard2.1))
      System.Numerics.Vectors (>= 4.6.1) - restriction: || (>= net462) (&& (< netcoreapp2.1) (>= netstandard2.0) (< netstandard2.1))
      System.Runtime.CompilerServices.Unsafe (>= 6.1.2) - restriction: || (>= net462) (&& (< netcoreapp2.1) (>= netstandard2.0) (< netstandard2.1))
    System.Numerics.Vectors (4.6.1) - restriction: >= net462
    System.Reflection.Metadata (9.0.6) - restriction: >= net8.0
      System.Collections.Immutable (>= 9.0.6) - restriction: || (>= net462) (&& (>= net8.0) (< net9.0)) (&& (< net8.0) (>= netstandard2.0))
    System.Runtime.CompilerServices.Unsafe (6.1.2) - restriction: || (>= net462) (&& (< net8.0) (>= netcoreapp3.1))
    System.Threading.Tasks.Extensions (4.6.3) - restriction: >= net462
      System.Runtime.CompilerServices.Unsafe (>= 6.1.2) - restriction: || (>= net462) (&& (< netcoreapp2.1) (>= netstandard2.0) (< netstandard2.1))
    System.ValueTuple (4.6.1) - restriction: >= net462
